PATH
  remote: .
  specs:
    MusicMaster (0.0.1)
      WaveSwissKnife (>= 0.0.1)
      rUtilAnts (>= 2.0)
      rake (~> 0.9)

GEM
  remote: http://rubygems.org/
  specs:
    ProcessPilot (2.0.0.20120301)
      rUtilAnts (>= 1.0)
    WaveSwissKnife (0.4.0.20130322)
      rUtilAnts (>= 1.0)
    rUtilAnts (2.0.0.20130827)
    rake (0.9.6)

PLATFORMS
  ruby

DEPENDENCIES
  MusicMaster!
  ProcessPilot
